PATH
  remote: .
  specs:
    each_with_progressbar (0.1.0)
      ruby-progressbar

GEM
  remote: https://rubygems.org/
  specs:
    ruby-progressbar (1.7.0)

PLATFORMS
  ruby

DEPENDENCIES
  each_with_progressbar!
